PATH
  remote: .
  specs:
    tesla-api (0.0.2)
      httpclient (~> 2.3.2)
      thor

GEM
  remote: https://rubygems.org/
  specs:
    addressable (2.3.5)
    crack (0.4.1)
      safe_yaml (~> 0.9.0)
    httpclient (2.3.4.1)
    rake (10.3.2)
    safe_yaml (0.9.5)
    thor (0.18.1)
    vcr (2.4.0)
    webmock (1.9.3)
      addressable (>= 2.2.7)
      crack (>= 0.3.2)

PLATFORMS
  ruby

DEPENDENCIES
  rake
  tesla-api!
  vcr (~> 2.4.0)
  webmock (~> 1.9.1)
